GEM
  remote: http://rubygems.org/
  specs:
    json (2.0.2)

PLATFORMS
  ruby

DEPENDENCIES
  json (~> 2.0.2)

BUNDLED WITH
   1.13.7
